GEM
  remote: https://rubygems.org/
  specs:
    google-protobuf (3.25.2)
    zeitwerk (2.6.11)

PLATFORMS
  aarch64-linux
  arm64-darwin
  ruby
  x86-linux
  x86_64-darwin
  x86_64-linux

DEPENDENCIES
  google-protobuf
  zeitwerk (= 2.6.11)

BUNDLED WITH
   2.5.5
